GEM
  remote: https://rubygems.org/
  specs:
    byebug (9.1.0)
    daemons (1.2.4)
    eventmachine (1.2.5)
    json (2.1.0)
    rack (2.0.3)
    thin (1.7.2)
      daemons (~> 1.0, >= 1.0.9)
      eventmachine (~> 1.0, >= 1.0.4)
      rack (>= 1, < 3)

PLATFORMS
  ruby

DEPENDENCIES
  byebug
  json
  thin

RUBY VERSION
   ruby 2.4.0p0

BUNDLED WITH
   1.15.4
